GEM
  remote: http://rubygems.org/
  specs:
    rack (1.5.2)
    redis (2.2.0)
    sinatra (1.2.6)
      rack (~> 1.1)
      tilt (>= 1.2.2, < 2.0)
      tilt (>= 1.2.2, < 2.0)
    tilt (1.4.1)

PLATFORMS
  ruby

DEPENDENCIES
  redis (= 2.2.0)
  sinatra (= 1.2.6)
